GEM
  remote: https://rubygems.org/
  specs:
    cinch (2.1.0)
    cinch-identify (1.5.1)
      cinch (~> 2.0)
    daemons (1.1.9)
    eventmachine (1.0.3)
    json (1.8.1)
    rack (1.5.2)
    rack-protection (1.5.2)
      rack
    sinatra (1.4.4)
      rack (~> 1.4)
      rack-protection (~> 1.4)
      tilt (~> 1.3, >= 1.3.4)
    thin (1.6.1)
      daemons (>= 1.0.9)
      eventmachine (>= 1.0.0)
      rack (>= 1.0.0)
    tilt (1.4.1)

PLATFORMS
  ruby

DEPENDENCIES
  cinch
  cinch-identify
  json
  sinatra
  thin
