GEM
  remote: https://rubygems.org/
  specs:
    cinch (2.1.0)
    cinch-identify (1.5.1)
      cinch (~> 2.0)
    daemons (1.1.9)
    eventmachine (1.0.3)
    faraday (0.9.2)
      multipart-post (>= 1.2, < 3)
    faraday_middleware (0.10.0)
      faraday (>= 0.7.4, < 0.10)
    faye-websocket (0.10.0)
      eventmachine (>= 0.12.0)
      websocket-driver (>= 0.5.1)
    json (1.8.1)
    multipart-post (2.0.0)
    rack (1.5.2)
    rack-protection (1.5.2)
      rack
    sinatra (1.4.4)
      rack (~> 1.4)
      rack-protection (~> 1.4)
      tilt (~> 1.3, >= 1.3.4)
    slack-ruby-client (0.3.1)
      eventmachine
      faraday
      faraday_middleware
      faye-websocket
    thin (1.6.1)
      daemons (>= 1.0.9)
      eventmachine (>= 1.0.0)
      rack (>= 1.0.0)
    tilt (1.4.1)
    websocket-driver (0.6.2)
      websocket-extensions (>= 0.1.0)
    websocket-extensions (0.1.2)

PLATFORMS
  ruby

DEPENDENCIES
  cinch
  cinch-identify
  json
  sinatra
  slack-ruby-client
  thin
